PATH
  remote: .
  specs:
    cuniculus (0.2.1)
      bunny (>= 2.19.0)

GEM
  remote: https://rubygems.org/
  specs:
    amq-protocol (2.3.2)
    ast (2.4.2)
    bunny (2.19.0)
      amq-protocol (~> 2.3, >= 2.3.1)
      sorted_set (~> 1, >= 1.0.2)
    coderay (1.1.3)
    diff-lcs (1.5.0)
    json (2.7.2)
    language_server-protocol (3.17.0.3)
    method_source (1.0.0)
    parallel (1.24.0)
    parser (3.3.0.5)
      ast (~> 2.4.1)
      racc
    pry (0.14.1)
      coderay (~> 1.1)
      method_source (~> 1.0)
    racc (1.7.3)
    rack (3.0.10)
    rackup (2.0.0)
      rack (>= 3)
      webrick
    rainbow (3.1.1)
    rbtree (0.4.5)
    redcarpet (3.5.1)
    regexp_parser (2.9.0)
    rexml (3.3.2)
      strscan
    rspec (3.11.0)
      rspec-core (~> 3.11.0)
      rspec-expectations (~> 3.11.0)
      rspec-mocks (~> 3.11.0)
    rspec-core (3.11.0)
      rspec-support (~> 3.11.0)
    rspec-expectations (3.11.0)
      diff-lcs (>= 1.2.0, < 2.0)
      rspec-support (~> 3.11.0)
    rspec-mocks (3.11.1)
      diff-lcs (>= 1.2.0, < 2.0)
      rspec-support (~> 3.11.0)
    rspec-support (3.11.0)
    rubocop (1.63.1)
      json (~> 2.3)
      language_server-protocol (>= 3.17.0)
      parallel (~> 1.10)
      parser (>= 3.3.0.2)
      rainbow (>= 2.2.2, < 4.0)
      regexp_parser (>= 1.8, < 3.0)
      rexml (>= 3.2.5, < 4.0)
      rubocop-ast (>= 1.31.1, < 2.0)
      ruby-progressbar (~> 1.7)
      unicode-display_width (>= 2.4.0, < 3.0)
    rubocop-ast (1.31.2)
      parser (>= 3.3.0.4)
    rubocop-capybara (2.20.0)
      rubocop (~> 1.41)
    rubocop-factory_bot (2.25.1)
      rubocop (~> 1.41)
    rubocop-rspec (2.29.1)
      rubocop (~> 1.40)
      rubocop-capybara (~> 2.17)
      rubocop-factory_bot (~> 2.22)
      rubocop-rspec_rails (~> 2.28)
    rubocop-rspec_rails (2.28.3)
      rubocop (~> 1.40)
    ruby-progressbar (1.13.0)
    set (1.0.2)
    sorted_set (1.0.3)
      rbtree
      set (~> 1.0)
    strscan (3.1.0)
    toxiproxy (2.0.1)
    unicode-display_width (2.5.0)
    warning (1.2.1)
    webrick (1.8.1)
    yard (0.9.36)

PLATFORMS
  x86_64-linux

DEPENDENCIES
  cuniculus!
  pry
  rackup
  redcarpet
  rspec
  rubocop
  rubocop-rspec
  toxiproxy
  warning
  webrick
  yard

BUNDLED WITH
   2.3.10
